GEM
  remote: http://rubygems.org/
  specs:
    coderay (1.1.0)
    em-proxy (0.1.8)
      eventmachine
    eventmachine (1.0.3)
    http_parser.rb (0.5.3)
    macaddr (1.6.1)
      systemu (~> 2.5.0)
    method_source (0.8.2)
    pry (0.9.12.4)
      coderay (~> 1.0)
      method_source (~> 0.8)
      slop (~> 3.4)
    slop (3.4.7)
    systemu (2.5.2)
    uuid (2.3.7)
      macaddr (~> 1.0)

PLATFORMS
  ruby

DEPENDENCIES
  em-proxy
  http_parser.rb
  pry
  uuid
